GEM
  remote: https://rubygems.org/
  specs:
    daemons (1.2.3)
    eventmachine (1.0.8)
    hike (1.2.3)
    opal (0.8.1)
      hike (~> 1.2)
      sourcemap (~> 0.1.0)
      sprockets (~> 3.1)
      tilt (>= 1.4)
    opal-activesupport (0.2.0)
      opal (>= 0.5.0, < 1.0.0)
    opal-browser (0.2.0)
      opal
      paggio
    opal-jquery (0.4.0)
      opal (>= 0.7.0, < 0.9.0)
    opal-rspec (0.4.3)
      opal (>= 0.7.0, < 0.9)
    paggio (0.2.5)
    rack (1.6.4)
    rack-protection (1.5.3)
      rack
    reactive-ruby (0.7.28)
      opal
      opal-activesupport (>= 0.2.0)
      opal-browser
    sinatra (1.4.6)
      rack (~> 1.4)
      rack-protection (~> 1.4)
      tilt (>= 1.3, < 3)
    sourcemap (0.1.1)
    sprockets (3.4.0)
      rack (> 1, < 3)
    thin (1.6.4)
      daemons (~> 1.0, >= 1.0.9)
      eventmachine (~> 1.0, >= 1.0.4)
      rack (~> 1.0)
    tilt (2.0.1)

PLATFORMS
  ruby

DEPENDENCIES
  opal
  opal-jquery
  opal-rspec
  reactive-ruby
  sinatra
  thin

BUNDLED WITH
   1.10.6
